GEM
  remote: https://rubygems.org/
  specs:
    coderay (1.1.0)
    daemons (1.1.9)
    eventmachine (1.0.3)
    ffi (1.9.6)
    method_source (0.8.2)
    pi_piper (1.3.2)
      ffi
    pry (0.10.1)
      coderay (~> 1.1.0)
      method_source (~> 0.8.1)
      slop (~> 3.4)
    rack (1.6.0)
    rack-protection (1.5.3)
      rack
    sinatra (1.4.5)
      rack (~> 1.4)
      rack-protection (~> 1.4)
      tilt (~> 1.3, >= 1.3.4)
    slop (3.6.0)
    thin (1.6.3)
      daemons (~> 1.0, >= 1.0.9)
      eventmachine (~> 1.0)
      rack (~> 1.0)
    tilt (1.4.1)

PLATFORMS
  ruby

DEPENDENCIES
  pi_piper
  pry
  sinatra
  thin
